PATH
  remote: .
  specs:
    koala-rails (0.1.5)
      koala (~> 0.9.0)

GEM
  remote: http://rubygems.org/
  specs:
    json (1.4.6)
    koala (0.9.1)
      json
    rake (0.8.7)
    shoe (0.7.1)
      rake (~> 0.8.7)

PLATFORMS
  ruby

DEPENDENCIES
  bundler (~> 1.0.7)
  koala (~> 0.9.0)
  koala-rails!
  rake
  shoe (~> 0.7.1)
